GEM
  remote: https://rubygems.org/
  specs:
    rack (3.0.8)
    rake (13.1.0)

PLATFORMS
  ruby

DEPENDENCIES
  rack
  rake

RUBY VERSION
   ruby 3.2.2p53

BUNDLED WITH
   2.4.21
